PATH
  remote: .
  specs:
    nearbyfyi-client (0.0.0)
      activesupport
      i18n
      json
      oauth2
      roar (~> 0.10.1)
      yajl-ruby

GEM
  remote: http://rubygems.org/
  specs:
    activesupport (3.2.3)
      i18n (~> 0.6)
      multi_json (~> 1.0)
    fakeweb (1.3.0)
    faraday (0.8.0)
      multipart-post (~> 1.1)
    httpauth (0.1)
    i18n (0.6.0)
    json (1.7.3)
    multi_json (1.3.5)
    multipart-post (1.1.5)
    nokogiri (1.5.2)
    oauth2 (0.7.1)
      faraday (~> 0.8)
      httpauth (~> 0.1)
      multi_json (~> 1.0)
      rack (~> 1.4)
    rack (1.4.1)
    rake (0.9.2.2)
    representable (1.1.7)
      json
      nokogiri
    roar (0.10.1)
      representable (>= 1.1.7)
    test-unit (2.4.8)
    yajl-ruby (1.1.0)

PLATFORMS
  ruby

DEPENDENCIES
  fakeweb
  nearbyfyi-client!
  rake
  test-unit
